##TITLE= Parameter file, TOPSPIN		Version 3.1
##JCAMPDX= 5.0
##DATATYPE= Parameter Values
##NPOINTS= 4114	$$ modification sequence number
##ORIGIN= Bruker BioSpin GmbH
##OWNER= nmrsu
$$ 2020-05-27 13:12:34.069 -0400  gmc@newav600
$$ /opt/topspin3.1/conf/instr/spect/specpar
$$ process /opt/topspin3.1/prog/mod/cprserver
##$HPPRECH= (0..15)
-1 -1 -1 -1 -1 -1 -1 -1 -1 -1 -1 -1 -1 -1 -1 -1
##$NUC1= 1
##$NUC2= 10
##$NUC3= 12
##$NUC4= 0
##$NUC5= 0
##$NUC6= 0
##$NUC7= 0
##$NUC8= 0
##$NUCARR= (0..123)
600.1 600.1 92.119004 640.090508 457.152801 88.311232 233.221646 84.32493
64.472692 192.535928 150.894863 43.350534 60.807604 81.352298 564.65816
47.37367 158.737852 36.735932 156.367211 119.222989 242.924933 46.063676
58.797252 48.942506 28.002904 15.370391 40.386904 145.774774 33.830842
33.839861 59.831824 157.843991 33.920628 148.760097 19.429906 142.386171
53.625242 159.119353 170.450562 37.547075 144.032125 183.010721 20.933378
102.752807 114.44815 31.31155 150.348934 162.066115 23.089448 57.939313
196.355444 26.007266 29.406088 55.787084 146.881496 39.108073 39.928824
135.072464 27.635511 30.973375 19.121868 27.461176 24.290962 27.925852
127.314095 133.181243 131.216396 131.497687 196.345213 213.829186 223.781083
143.607393 77.768261 157.044622 189.330164 120.064923 166.888926 49.47177
78.709968 59.616676 66.688681 79.178994 84.767972 183.75062 32.70545 20.16336
25.02417 20.64344 149.18486 65.89098 18.42307 24.18403 144.26404 20.64344
28.92482 128.06134 17.28288 49.74829 105.013335 28.930821 68.435404 48.794131
24.046007 15.104517 71.94959 25.002488 135.170125 136.532352 13.696268
46.600165 10.309718 11.227871 129.002201 10.375729 107.482843 39.67611
342.796323 346.160712 125.544515 96.431797 11.050241 100 100 100
##$OFFSF= (0..7)
0 0 0 0 0 0 0 0
##$OFFSH= (0..7)
2820.49999998435 5 0 0 0 0 0 0
##$OFFSX= (0..7)
26557.500000024 7205.70000000009 0 368.69999999567 0 0 0 0
##$PRECHAN= (0..15)
-1 4 -1 0 -1 3 2 -1 -1 -1 -1 -1 -1 -1 -1 -1
##$RECPRE= (0..15)
-1 0 -1 -1 -1 -1 -1 -1 -1 -1 -1 -1 -1 -1 -1 -1
##$RECSEL= (0..15)
0 0 0 0 1 0 0 0 0 0 0 0 0 0 0 0
##$SELREC= (0..9)
0 0 0 0 0 0 0 0 0 0
##$SFO1= 600.10282
##$SFO2= 150.92142
##$SFO3= 60.81481
##$SFO4= 600.1
##$SFO5= 600.10285
##$SFO6= 600.10285
##$SFO7= 600.10285
##$SFO8= 600.10285
##END=
